GEM
  remote: https://rubygems.org/
  specs:
    drydock (0.6.9)
    gibbler (0.10.0.pre.RC1)
      rake
    multi_json (1.15.0)
    rake (13.2.0)
    redis (4.8.1)
    storable (0.10.pre.RC1)
    sysinfo (0.9.0.pre.RC1)
      drydock (< 1.0)
      storable (= 0.10.pre.RC1)
    tryouts (2.2.0.pre.RC1)
      sysinfo (= 0.9.0.pre.RC1)
    uri-redis (1.0.0)
      redis (~> 4.1, >= 4.1.0)

PLATFORMS
  arm64-darwin-23
  ruby

DEPENDENCIES
  gibbler (>= 0.10.0.pre.RC1)
  multi_json
  redis
  storable (>= 0.10.pre.RC1)
  tryouts (= 2.2.0.pre.RC1)
  uri-redis

RUBY VERSION
   ruby 3.1.4p223

BUNDLED WITH
   2.5.7
