PATH
  remote: .
  specs:
    familia (0.10.2)
      gibbler (~> 1.0.0)
      multi_json (~> 1.15)
      redis (>= 4.8.1, < 6.0)
      storable (~> 0.10.0)
      uri-redis (>= 1.3.0)

GEM
  remote: https://rubygems.org/
  specs:
    attic (1.0.1)
      rake (~> 13.0.6)
    byebug (11.1.3)
    coderay (1.1.3)
    connection_pool (2.4.1)
    gibbler (1.0.0)
      attic (~> 1.0)
      rake (~> 13.0)
    method_source (1.1.0)
    multi_json (1.15.0)
    pry (0.14.2)
      coderay (~> 1.1)
      method_source (~> 1.0)
    pry-byebug (3.10.1)
      byebug (~> 11.0)
      pry (>= 0.13, < 0.15)
    rake (13.0.6)
    redis (5.2.0)
      redis-client (>= 0.22.0)
    redis-client (0.22.2)
      connection_pool
    storable (0.10.0)
    tryouts (2.3.1)
    uri-redis (1.3.0)

PLATFORMS
  arm64-darwin-23
  arm64-darwin-24
  ruby

DEPENDENCIES
  familia!
  pry-byebug (~> 3.10.1)
  tryouts (~> 2.3)

BUNDLED WITH
   2.5.14
