GEM
  remote: https://rubygems.org/
  specs:
    attic (1.0.1)
      rake (~> 13.0.6)
    drydock (0.6.9)
    gibbler (1.0.0)
      attic (~> 1.0)
      rake (~> 13.0)
    multi_json (1.15.0)
    rake (13.0.6)
    redis (4.8.1)
    storable (0.10.0)
    sysinfo (0.10.0)
      drydock (< 1.0)
      storable (~> 0.10)
    tryouts (2.2.0)
      sysinfo (~> 0.10)
    uri-redis (1.3.0)

PLATFORMS
  arm64-darwin-24
  ruby

DEPENDENCIES
  gibbler (~> 1.0.0)
  multi_json (~> 1.15)
  redis (>= 4.8, < 5.0)
  storable (~> 0.10.0)
  tryouts (~> 2.2)
  uri-redis (>= 1.3.0)

RUBY VERSION
   ruby 3.2.4p170

BUNDLED WITH
   2.5.9
