PATH
  remote: .
  specs:
    familia (1.0.0.pre.rc5)
      redis (>= 4.8.1, < 6.0)
      uri-redis (~> 1.3)

GEM
  remote: https://rubygems.org/
  specs:
    ast (2.4.2)
    byebug (11.1.3)
    coderay (1.1.3)
    connection_pool (2.4.1)
    drydock (0.6.9)
    json (2.7.2)
    language_server-protocol (3.17.0.3)
    method_source (1.1.0)
    parallel (1.25.1)
    parser (3.3.4.0)
      ast (~> 2.4.1)
      racc
    pry (0.14.2)
      coderay (~> 1.1)
      method_source (~> 1.0)
    pry-byebug (3.10.1)
      byebug (~> 11.0)
      pry (>= 0.13, < 0.15)
    racc (1.8.0)
    rainbow (3.1.1)
    redis (5.2.0)
      redis-client (>= 0.22.0)
    redis-client (0.22.2)
      connection_pool
    regexp_parser (2.9.2)
    rexml (3.3.2)
      strscan
    rubocop (1.65.0)
      json (~> 2.3)
      language_server-protocol (>= 3.17.0)
      parallel (~> 1.10)
      parser (>= 3.3.0.2)
      rainbow (>= 2.2.2, < 4.0)
      regexp_parser (>= 2.4, < 3.0)
      rexml (>= 3.2.5, < 4.0)
      rubocop-ast (>= 1.31.1, < 2.0)
      ruby-progressbar (~> 1.7)
      unicode-display_width (>= 2.4.0, < 3.0)
    rubocop-ast (1.31.3)
      parser (>= 3.3.1.0)
    rubocop-performance (1.21.1)
      rubocop (>= 1.48.1, < 2.0)
      rubocop-ast (>= 1.31.1, < 2.0)
    rubocop-thread_safety (0.5.1)
      rubocop (>= 0.90.0)
    ruby-progressbar (1.13.0)
    storable (0.10.0)
    strscan (3.1.0)
    sysinfo (0.10.0)
      drydock (< 1.0)
      storable (~> 0.10)
    tryouts (2.4.1)
      sysinfo (~> 0.10)
    unicode-display_width (2.5.0)
    uri-redis (1.3.0)

PLATFORMS
  arm64-darwin-23
  arm64-darwin-24
  ruby

DEPENDENCIES
  byebug (~> 11.0)
  familia!
  pry-byebug (~> 3.10.1)
  rubocop
  rubocop-performance
  rubocop-thread_safety
  tryouts (~> 2.4)

BUNDLED WITH
   2.5.13
